GEM
  remote: https://rubygems.org/
  specs:
    colored (1.2)
    cri (2.7.0)
      colored (~> 1.2)
    nanoc (4.1.3)
      cri (~> 2.3)

PLATFORMS
  ruby

DEPENDENCIES
  nanoc

BUNDLED WITH
   1.11.2
